GEM
  remote: http://rubygems.org/
  specs:
    actionmailer (2.3.5)
      actionpack (= 2.3.5)
    actionpack (2.3.5)
      activesupport (= 2.3.5)
      rack (~> 1.0.0)
    activerecord (2.3.5)
      activesupport (= 2.3.5)
    activeresource (2.3.5)
      activesupport (= 2.3.5)
    activesupport (2.3.5)
    akephalos (0.2.2)
      capybara (~> 0.3.8)
      jruby-jars
    archive-tar-minitar (0.5.2)
    authlogic (2.1.5)
      activesupport
    capistrano (2.5.19)
      highline
      net-scp (>= 1.0.0)
      net-sftp (>= 2.0.0)
      net-ssh (>= 2.0.14)
      net-ssh-gateway (>= 1.0.0)
    capybara (0.3.8)
      culerity (>= 0.2.4)
      mime-types (>= 1.16)
      nokogiri (>= 1.3.3)
      rack (>= 1.0.0)
      rack-test (>= 0.5.2)
      selenium-webdriver (>= 0.0.3)
    childprocess (0.1.4)
      ffi (~> 0.6.3)
    columnize (0.3.2)
    configuration (1.2.0)
    crack (0.1.8)
    culerity (0.2.12)
    decent_exposure (0.2.3)
    eycap (0.5.9)
      capistrano (>= 2.2.0)
    fabrication (0.9.5)
    ffi (0.6.3)
      rake (>= 0.8.7)
    haml (3.0.6)
    hashie (0.4.0)
    highline (1.6.1)
    hoe (2.9.4)
      rake (>= 0.8.7)
    httparty (0.6.1)
      crack (= 0.1.8)
    jruby-jars (1.5.5)
    json (1.4.6)
    json_pure (1.4.6)
    launchy (0.3.7)
      configuration (>= 0.0.5)
      rake (>= 0.8.1)
    linecache19 (0.5.12)
      ruby_core_source (>= 0.1.4)
    mime-types (1.16)
    multi_json (0.0.5)
    mysql (2.8.1)
    net-scp (1.0.4)
      net-ssh (>= 1.99.1)
    net-sftp (2.0.5)
      net-ssh (>= 2.0.9)
    net-ssh (2.1.0)
    net-ssh-gateway (1.0.1)
      net-ssh (>= 1.99.1)
    newrelic_rpm (2.9.8)
    nokogiri (1.4.4)
    oauth (0.4.4)
    paperclip (2.3.3)
      activerecord
      activesupport
    rack (1.0.1)
    rack-test (0.5.6)
      rack (>= 1.0)
    rails (2.3.5)
      actionmailer (= 2.3.5)
      actionpack (= 2.3.5)
      activerecord (= 2.3.5)
      activeresource (= 2.3.5)
      activesupport (= 2.3.5)
      rake (>= 0.8.3)
    rake (0.8.7)
    redis (2.1.1)
    redis-namespace (0.7.0)
      redis (< 3.0.0)
    resque (1.9.7)
      json (>= 1.1.0)
      redis-namespace (~> 0.7.0)
      sinatra (>= 0.9.2)
      vegas (~> 0.1.2)
    rspec (1.3.1)
    rspec-rails (1.3.2)
      rack (>= 1.0.0)
      rspec (>= 1.3.0)
    ruby-debug-base19 (0.11.25)
      columnize (>= 0.3.1)
      linecache19 (>= 0.5.11)
      ruby_core_source (>= 0.1.4)
    ruby-debug19 (0.11.6)
      columnize (>= 0.3.1)
      linecache19 (>= 0.5.11)
      ruby-debug-base19 (>= 0.11.19)
    ruby_core_source (0.1.5)
      archive-tar-minitar (>= 0.5.2)
    rubyzip (0.9.4)
    selenium-webdriver (0.1.0)
      childprocess (= 0.1.4)
      ffi (~> 0.6.3)
      json_pure
      rubyzip
    shoulda (2.10.3)
    sinatra (1.0)
      rack (>= 1.0)
    sitemap_generator (0.2.2)
    state_machine (0.9.3)
    test-unit (1.2.3)
      hoe (>= 1.5.1)
    twitter (0.9.12)
      hashie (~> 0.4.0)
      httparty (~> 0.6.1)
      multi_json (~> 0.0.4)
      oauth (~> 0.4.3)
    unencumbered (0.1.1)
    vegas (0.1.8)
      rack (>= 1.0.0)
    watchr (0.7)

PLATFORMS
  ruby

DEPENDENCIES
  akephalos (= 0.2.2)
  authlogic (= 2.1.5)
  capistrano (= 2.5.19)
  capybara (= 0.3.8)
  decent_exposure (= 0.2.3)
  eycap (= 0.5.9)
  fabrication (= 0.9.5)
  haml (= 3.0.6)
  launchy
  mysql
  newrelic_rpm (= 2.9.8)
  paperclip (= 2.3.3)
  rails (= 2.3.5)
  resque (= 1.9.7)
  rspec-rails (= 1.3.2)
  ruby-debug19
  shoulda (= 2.10.3)
  sitemap_generator (= 0.2.2)
  state_machine (= 0.9.3)
  test-unit (= 1.2.3)
  twitter (= 0.9.12)
  unencumbered
  watchr
